PATH
  remote: .
  specs:
    nikkou (0.0.2)
      activesupport
      nokogiri
      tzinfo

GEM
  remote: http://rubygems.org/
  specs:
    activesupport (3.2.11)
      i18n (~> 0.6)
      multi_json (~> 1.0)
    diff-lcs (1.1.3)
    i18n (0.6.4)
    multi_json (1.7.3)
    nokogiri (1.5.9)
    rake (10.0.3)
    rspec (2.12.0)
      rspec-core (~> 2.12.0)
      rspec-expectations (~> 2.12.0)
      rspec-mocks (~> 2.12.0)
    rspec-core (2.12.2)
    rspec-expectations (2.12.1)
      diff-lcs (~> 1.1.3)
    rspec-mocks (2.12.1)
    tzinfo (0.3.37)

PLATFORMS
  ruby

DEPENDENCIES
  nikkou!
  rake
  rspec
